PATH
  remote: .
  specs:
    peafowl (0.0.1)

GEM
  remote: https://rubygems.org/
  specs:
    ast (2.2.0)
    parser (2.3.1.0)
      ast (~> 2.2)
    power_assert (0.2.6)
    powerpack (0.1.1)
    rainbow (2.1.0)
    rake (12.0.0)
    rubocop (0.40.0)
      parser (>= 2.3.1.0, < 3.0)
      powerpack (~> 0.1)
      rainbow (>= 1.99.1, < 3.0)
      ruby-progressbar (~> 1.7)
      unicode-display_width (~> 1.0, >= 1.0.1)
    ruby-progressbar (1.8.1)
    test-unit (3.1.5)
      power_assert
    unicode-display_width (1.0.5)

PLATFORMS
  ruby

DEPENDENCIES
  bundler
  peafowl!
  rake
  rubocop
  test-unit

RUBY VERSION
   ruby 2.3.0p0

BUNDLED WITH
   1.15.4
